GEM
  remote: https://www.rubygems.org/
  specs:
    appium_lib (6.0.0)
      awesome_print (~> 1.6, >= 1.6.0)
      json (~> 1.8, >= 1.8.1)
      nokogiri (~> 1.8.2)
      selenium-webdriver (~> 2.41, >= 2.41.0)
      toml (~> 0.0, >= 0.0.4)
    awesome_print (1.8.0)
    builder (3.2.3)
    childprocess (0.9.0)
      ffi (~> 1.0, >= 1.0.11)
    chronic_duration (0.10.6)
      numerizer (~> 0.1.1)
    cucumber (1.3.20)
      builder (>= 2.1.2)
      diff-lcs (>= 1.1.3)
      gherkin (~> 2.12)
      multi_json (>= 1.7.5, < 2.0)
      multi_test (>= 0.1.2)
    diff-lcs (1.3)
    ffi (1.9.25)
    gherkin (2.12.2)
      multi_json (~> 1.3)
    json (1.8.6)
    mime-types (1.25.1)
    mini_portile (0.6.0)
    multi_json (1.13.1)
    multi_test (0.1.2)
    nokogiri (1.6.3.1)
      mini_portile (= 0.6.0)
    numerizer (0.1.1)
    parslet (1.8.2)
    rest-client (1.8.0)
      mime-types (~> 1.16)
    rspec (2.14.1)
      rspec-core (~> 2.14.0)
      rspec-expectations (~> 2.14.0)
      rspec-mocks (~> 2.14.0)
    rspec-core (2.14.8)
    rspec-expectations (2.14.5)
      diff-lcs (>= 1.1.3, < 2.0)
    rspec-mocks (2.14.6)
    rubyzip (1.2.1)
    sauce_whisk (0.0.13)
      json (~> 1.8.1)
      rest-client (~> 1.6.7)
    selenium-webdriver (2.53.4)
      childprocess (~> 0.5)
      rubyzip (~> 1.0)
      websocket (~> 1.0)
    spec (5.3.4)
      chronic_duration (~> 0.10.2)
    test-unit (2.5.5)
    toml (0.2.0)
      parslet (~> 1.8.0)
    websocket (1.2.8)

PLATFORMS
  ruby

DEPENDENCIES
  appium_lib (~> 6.0.0)
  cucumber (~> 1.3.15)
  rest-client (~> 1.6.7)
  rspec (~> 2.14.1)
  rspec-expectations (~> 2.14.5)
  sauce_whisk (~> 0.0.13)
  spec (~> 5.3.4)
  test-unit (~> 2.5.5)

BUNDLED WITH
   1.16.3
